GEM
  remote: http://rubygems.org/
  specs:
    addressable (2.2.6)
    daemons (1.1.4)
    data_objects (0.10.6)
      addressable (~> 2.1)
    dm-core (1.1.0)
      addressable (~> 2.2.4)
    dm-do-adapter (1.1.0)
      data_objects (~> 0.10.2)
      dm-core (~> 1.1.0)
    dm-migrations (1.1.0)
      dm-core (~> 1.1.0)
    dm-postgres-adapter (1.1.0)
      dm-do-adapter (~> 1.1.0)
      do_postgres (~> 0.10.2)
    dm-sqlite-adapter (1.1.0)
      dm-do-adapter (~> 1.1.0)
      do_sqlite3 (~> 0.10.2)
    dm-timestamps (1.1.0)
      dm-core (~> 1.1.0)
    dm-validations (1.1.0)
      dm-core (~> 1.1.0)
    do_postgres (0.10.6)
      data_objects (= 0.10.6)
    do_sqlite3 (0.10.6)
      data_objects (= 0.10.6)
    eventmachine (0.12.10)
    faraday (0.6.1)
      addressable (~> 2.2.4)
      multipart-post (~> 1.1.0)
      rack (< 2, >= 1.1.0)
    mime-types (1.16)
    multi_json (0.0.5)
    multipart-post (1.1.2)
    net-ldap (0.1.1)
    nokogiri (1.4.6)
    oa-basic (0.2.3)
      multi_json (~> 0.0.2)
      nokogiri (~> 1.4.2)
      oa-core (= 0.2.3)
      rest-client (~> 1.6.0)
    oa-core (0.2.3)
      rack (~> 1.1)
    oa-enterprise (0.2.3)
      net-ldap (~> 0.1.1)
      nokogiri (~> 1.4.2)
      oa-core (= 0.2.3)
      pyu-ruby-sasl (~> 0.0.3.1)
      rubyntlm (~> 0.1.1)
    oa-more (0.2.3)
      multi_json (~> 0.0.2)
      oa-core (= 0.2.3)
      rest-client (~> 1.6.0)
    oa-oauth (0.2.3)
      faraday (~> 0.6.1)
      multi_json (>= 0.0.5)
      nokogiri (~> 1.4.2)
      oa-core (= 0.2.3)
      oauth (~> 0.4.0)
      oauth2 (~> 0.3.0)
    oa-openid (0.2.3)
      oa-core (= 0.2.3)
      rack-openid (~> 1.2.0)
      ruby-openid-apps-discovery
    oauth (0.4.4)
    oauth2 (0.3.0)
      faraday (~> 0.6.0)
      multi_json (~> 0.0.4)
    omniauth (0.2.3)
      oa-basic (= 0.2.3)
      oa-core (= 0.2.3)
      oa-enterprise (= 0.2.3)
      oa-more (= 0.2.3)
      oa-oauth (= 0.2.3)
      oa-openid (= 0.2.3)
    pyu-ruby-sasl (0.0.3.3)
    rack (1.3.0)
    rack-flash (0.1.2)
      rack
    rack-openid (1.2.0)
      rack (>= 1.1.0)
      ruby-openid (>= 2.1.8)
    rest-client (1.6.3)
      mime-types (>= 1.16)
    ruby-openid (2.1.8)
    ruby-openid-apps-discovery (1.2.0)
      ruby-openid (>= 2.1.7)
    rubyntlm (0.1.1)
    sass (3.1.4)
    sinatra (1.2.6)
      rack (~> 1.1)
      tilt (< 2.0, >= 1.2.2)
    thin (1.2.11)
      daemons (>= 1.0.9)
      eventmachine (>= 0.12.6)
      rack (>= 1.0.0)
    tilt (1.3.2)

PLATFORMS
  ruby

DEPENDENCIES
  dm-core
  dm-migrations
  dm-postgres-adapter
  dm-sqlite-adapter
  dm-timestamps
  dm-validations
  omniauth
  rack
  rack-flash
  sass
  sinatra
  thin
